GEM
  remote: https://rubygems.org/
  specs:
    async (2.8.1)
      console (~> 1.10)
      fiber-annotation
      io-event (~> 1.1)
      timers (~> 4.1)
    async-io (1.41.0)
      async
    base64 (0.2.0)
    console (1.23.4)
      fiber-annotation
      fiber-local
      json
    fiber-annotation (0.2.0)
    fiber-local (1.0.0)
    highline (3.0.1)
    io-event (1.4.4)
    json (2.7.1)
    mini_portile2 (2.8.5)
    net-ssh (7.2.1)
    nokogiri (1.16.2)
      mini_portile2 (~> 2.8.2)
      racc (~> 1.4)
    nokogiri (1.16.2-x86_64-linux)
      racc (~> 1.4)
    parallel (1.24.0)
    racc (1.7.3)
    timers (4.3.5)

PLATFORMS
  ruby
  x86_64-linux

DEPENDENCIES
  async-io
  base64
  highline
  net-ssh
  nokogiri
  parallel

RUBY VERSION
   ruby 3.3.0p0

BUNDLED WITH
   2.5.3
