GEM
  remote: https://rubygems.org/
  specs:
    base64 (0.2.0)
    highline (3.0.1)
    mini_portile2 (2.8.5)
    net-ssh (7.2.1)
    nokogiri (1.16.2)
      mini_portile2 (~> 2.8.2)
      racc (~> 1.4)
    nokogiri (1.16.2-x86_64-linux)
      racc (~> 1.4)
    parallel (1.24.0)
    racc (1.7.3)

PLATFORMS
  ruby
  x86_64-linux

DEPENDENCIES
  base64
  highline
  net-ssh
  nokogiri
  parallel

RUBY VERSION
   ruby 3.3.0p0

BUNDLED WITH
   2.5.3
